GEM
  remote: http://rubygems.org/
  specs:
    jasmine (2.4.0)
      jasmine-core (~> 2.4)
      phantomjs
      rack (>= 1.2.1)
      rake
    jasmine-core (2.4.1)
    jslint_on_rails (1.1.1)
    phantomjs (1.9.8.0)
    rack (1.6.4)
    rake (10.4.2)
    whitespace (2.1.3)

PLATFORMS
  ruby

DEPENDENCIES
  jasmine
  jslint_on_rails
  rake
  whitespace

BUNDLED WITH
   1.11.2
